GEM
  remote: https://rubygems.org/
  specs:
    colorize (0.8.1)
    open3 (0.1.0)
    optimist (3.0.1)

PLATFORMS
  ruby

DEPENDENCIES
  colorize
  open3
  optimist

BUNDLED WITH
   2.1.4
